GEM
  remote: https://rubygems.org/
  specs:
    byebug (11.1.3)
    colorize (1.1.0)
    csv (3.3.0)
    smarter_csv (1.12.1)

PLATFORMS
  x86_64-darwin-23

DEPENDENCIES
  byebug
  colorize
  csv
  smarter_csv

BUNDLED WITH
   2.4.6
